GEM
  remote: https://rubygems.org/
  specs:
    rack (1.5.2)
    rake (0.9.6)
    sinatra (1.1.0)
      rack (~> 1.1)
      tilt (~> 1.1)
    tilt (1.4.1)

PLATFORMS
  ruby

DEPENDENCIES
  rake (= 0.9.6)
  sinatra (= 1.1.0)
